GEM
  remote: http://rubygems.org/
  specs:
    builder (3.2.3)
    c21e (1.1.8)
    childprocess (0.9.0)
      ffi (~> 1.0, >= 1.0.11)
    cucumber (2.2.0)
      builder (>= 2.1.2)
      cucumber-core (~> 1.3.0)
      cucumber-wire (~> 0.0.1)
      diff-lcs (>= 1.1.3)
      event-bus (~> 0.1.0)
      gherkin3 (~> 3.1.0)
      multi_json (>= 1.7.5, < 2.0)
      multi_test (>= 0.1.2)
    cucumber-core (1.3.1)
      gherkin3 (~> 3.1.0)
    cucumber-messages (2.0.0)
      google-protobuf (= 3.6.1)
    cucumber-wire (0.0.1)
    diff-lcs (1.3)
    event-bus (0.1.0)
    ffi (1.9.25-x64-mingw32)
    gherkin (6.0.15)
      c21e (~> 1.1.8)
      cucumber-messages (~> 2.0.0)
    gherkin3 (3.1.2)
    google-protobuf (3.6.1-x64-mingw32)
    json (2.1.0)
    mini_portile2 (2.3.0)
    multi_json (1.13.1)
    multi_test (0.1.2)
    nokogiri (1.8.5-x64-mingw32)
      mini_portile2 (~> 2.3.0)
    regexp_parser (1.3.0)
    rspec (3.8.0)
      rspec-core (~> 3.8.0)
      rspec-expectations (~> 3.8.0)
      rspec-mocks (~> 3.8.0)
    rspec-core (3.8.0)
      rspec-support (~> 3.8.0)
    rspec-expectations (3.8.2)
      diff-lcs (>= 1.2.0, < 2.0)
      rspec-support (~> 3.8.0)
    rspec-mocks (3.8.0)
      diff-lcs (>= 1.2.0, < 2.0)
      rspec-support (~> 3.8.0)
    rspec-support (3.8.0)
    rubyzip (1.2.2)
    selenium-webdriver (3.141.0)
      childprocess (~> 0.5)
      rubyzip (~> 1.2, >= 1.2.2)
    watir (6.15.0)
      regexp_parser (~> 1.2)
      selenium-webdriver (~> 3.4, >= 3.4.1)
    webdrivers (3.4.3)
      nokogiri (~> 1.6)
      rubyzip (~> 1.0)
      selenium-webdriver (~> 3.0)

PLATFORMS
  x64-mingw32

DEPENDENCIES
  cucumber
  ffi
  gherkin
  json
  rspec
  selenium-webdriver
  watir
  webdrivers

BUNDLED WITH
   2.0.0.pre.1
